GEM
  remote: http://rubygems.org/
  specs:
    builder (3.2.2)
    crack (0.4.2)
      safe_yaml (~> 1.0.0)
    daemons (1.1.9)
    diff-lcs (1.2.5)
    erubis (2.7.0)
    eventmachine (1.0.3)
    haml (4.0.5)
      tilt
    hpricot (0.8.6)
    html2haml (2.0.0.beta.1)
      erubis (~> 2.7.0)
      haml (~> 4.0.0)
      nokogiri (~> 1.6.0)
      ruby_parser (~> 3.2.1)
    json (1.8.1)
    mini_portile2 (2.1.0)
    newrelic_rpm (3.9.1.236)
    nokogiri (1.6.8.1)
      mini_portile2 (~> 2.1.0)
    rack (1.5.2)
    rack-protection (1.5.3)
      rack
    rack-test (0.6.2)
      rack (>= 1.0)
    rspec (3.0.0)
      rspec-core (~> 3.0.0)
      rspec-expectations (~> 3.0.0)
      rspec-mocks (~> 3.0.0)
    rspec-core (3.0.4)
      rspec-support (~> 3.0.0)
    rspec-expectations (3.0.4)
      diff-lcs (>= 1.2.0, < 2.0)
      rspec-support (~> 3.0.0)
    rspec-mocks (3.0.4)
      rspec-support (~> 3.0.0)
    rspec-support (3.0.4)
    ruby_parser (3.2.2)
      sexp_processor (~> 4.1)
    safe_yaml (1.0.3)
    sexp_processor (4.4.4)
    sinatra (1.4.5)
      rack (~> 1.4)
      rack-protection (~> 1.4)
      tilt (~> 1.3, >= 1.3.4)
    thin (1.6.2)
      daemons (>= 1.0.9)
      eventmachine (>= 1.0.0)
      rack (>= 1.0.0)
    tilt (1.4.1)

PLATFORMS
  ruby

DEPENDENCIES
  builder
  crack
  erubis
  haml (~> 4.0.0)
  hpricot
  html2haml (~> 2.0.0.beta.1)
  json
  newrelic_rpm
  rack-test
  rspec
  ruby_parser (~> 3.2.2)
  sinatra
  thin
  tilt (~> 1.3, >= 1.3.4)
