GEM
  remote: http://rubygems.org/
  specs:
    builder (3.1.3)
    crack (0.3.1)
    daemons (1.1.9)
    diff-lcs (1.1.3)
    erubis (2.7.0)
    eventmachine (1.0.0)
    haml (3.2.0.rc.1)
      tilt
    hpricot (0.8.6)
    html2haml (1.0.0.beta.1)
      haml (>= 3.2.0.beta.1)
      hpricot
    json (1.7.5)
    newrelic_rpm (3.4.2.1)
    rack (1.4.1)
    rack-protection (1.2.0)
      rack
    rack-test (0.6.1)
      rack (>= 1.0)
    rspec (2.11.0)
      rspec-core (~> 2.11.0)
      rspec-expectations (~> 2.11.0)
      rspec-mocks (~> 2.11.0)
    rspec-core (2.11.1)
    rspec-expectations (2.11.3)
      diff-lcs (~> 1.1.3)
    rspec-mocks (2.11.3)
    ruby_parser (2.3.1)
      sexp_processor (~> 3.0)
    sexp_processor (3.2.0)
    sinatra (1.3.3)
      rack (~> 1.3, >= 1.3.6)
      rack-protection (~> 1.2)
      tilt (~> 1.3, >= 1.3.3)
    thin (1.4.1)
      daemons (>= 1.0.9)
      eventmachine (>= 0.12.6)
      rack (>= 1.0.0)
    tilt (1.3.3)

PLATFORMS
  ruby

DEPENDENCIES
  builder
  crack
  erubis
  hpricot
  html2haml
  json
  newrelic_rpm
  rack-test
  rspec
  ruby_parser
  sinatra
  thin
